GEM
  remote: http://rubygems.org/
  specs:
    crack (0.1.8)
    httparty (0.6.1)
      crack (= 0.1.8)
    rack (1.2.1)
    rack-test (0.5.6)
      rack (>= 1.0)
    rspec (1.3.0)
    sinatra (1.0)
      rack (>= 1.0)

PLATFORMS
  ruby

DEPENDENCIES
  httparty
  rack
  rack-test
  rspec
  sinatra
